PATH
  remote: .
  specs:
    ofx (0.4.2)
      nokogiri

GEM
  remote: https://rubygems.org/
  specs:
    byebug (10.0.2)
    coderay (1.1.2)
    diff-lcs (1.3)
    method_source (0.9.0)
    mini_portile2 (2.3.0)
    nokogiri (1.8.4)
      mini_portile2 (~> 2.3.0)
    pry (0.11.3)
      coderay (~> 1.1.0)
      method_source (~> 0.9.0)
    pry-byebug (3.6.0)
      byebug (~> 10.0)
      pry (~> 0.10)
    rake (12.3.1)
    rspec (2.99.0)
      rspec-core (~> 2.99.0)
      rspec-expectations (~> 2.99.0)
      rspec-mocks (~> 2.99.0)
    rspec-core (2.99.2)
    rspec-expectations (2.99.2)
      diff-lcs (>= 1.1.3, < 2.0)
    rspec-mocks (2.99.4)

PLATFORMS
  ruby

DEPENDENCIES
  ofx!
  pry-byebug
  rake
  rspec (~> 2.7)

BUNDLED WITH
   1.16.3
